GEM
  remote: https://rubygems.org/
  specs:
    liquid (4.0.3)
    rmagick (4.0.0)
    unicode_utils (1.4.0)

PLATFORMS
  ruby

DEPENDENCIES
  liquid
  rmagick
  unicode_utils
